GEM
  remote: https://rubygems.org/
  specs:
    haml (4.0.2)
      tilt
    scorched (0.11)

PLATFORMS
  ruby

DEPENDENCIES
  haml
  scorched
