GEM
  remote: https://rubygems.org/
  specs:
    haml (4.0.2)
      tilt
    rack (1.5.2)
    rack-accept (0.4.5)
      rack (>= 0.4)
    scorched (0.11)
      rack (~> 1.4)
      rack-accept (~> 0.4)
      tilt (~> 1.3)
    tilt (1.4.0)

PLATFORMS
  ruby

DEPENDENCIES
  haml
  scorched
