GEM
  remote: https://rubygems.org/
  specs:
    haml (4.0.3)
      tilt
    rack (1.5.2)
    rack-accept (0.4.5)
      rack (>= 0.4)
    rdiscount (2.1.6)
    scorched (0.13)
      rack (~> 1.4)
      rack-accept (~> 0.4)
      tilt (~> 1.4)
    tilt (1.4.1)

PLATFORMS
  ruby

DEPENDENCIES
  haml
  rdiscount
  scorched
