GEM
  remote: https://rubygems.org/
  specs:
    commonjs (0.2.7)
    haml (4.0.4)
      tilt
    less (2.4.0)
      commonjs (~> 0.2.7)
    rack (1.5.2)
    rack-accept (0.4.5)
      rack (>= 0.4)
    rdiscount (2.1.7)
    scorched (0.18)
      rack (~> 1.4)
      rack-accept (~> 0.4)
      tilt (~> 1.4)
    tilt (1.4.1)

PLATFORMS
  ruby

DEPENDENCIES
  haml
  less
  rdiscount
  scorched
