GEM
  remote: https://rubygems.org/
  specs:
    commonjs (0.2.7)
    daemons (1.1.9)
    eventmachine (1.0.3)
    haml (4.0.5)
      tilt
    less (2.6.0)
      commonjs (~> 0.2.7)
    rack (1.5.2)
    rack-accept (0.4.5)
      rack (>= 0.4)
    rdiscount (2.1.7.1)
    scorched (0.22)
      rack (~> 1.4)
      rack-accept (~> 0.4)
      tilt (~> 1.4)
    thin (1.6.2)
      daemons (>= 1.0.9)
      eventmachine (>= 1.0.0)
      rack (>= 1.0.0)
    tilt (1.4.1)

PLATFORMS
  ruby

DEPENDENCIES
  haml
  less
  rdiscount
  scorched
  thin
